{
    "Modality": "MR",
    "MagneticFieldStrength": 3,
    "ImagingFrequency": 123.239,
    "Manufacturer": "Siemens",
    "ManufacturersModelName": "Prisma",
    "InstitutionName": "McGovern Institute for Brain Research (3T1)",
    "InstitutionalDepartmentName": "Department",
    "InstitutionAddress": "Vassar Street 43,Cambridge,Middlesex,US,02139",
    "DeviceSerialNumber": "166193",
    "StationName": "AWP166193",
    "BodyPartExamined": "BRAIN",
    "PatientPosition": "HFS",
    "ProcedureStepDescription": "Gabrieli^Rebecca",
    "SoftwareVersions": "syngo MR E11",
    "MRAcquisitionType": "2D",
    "SeriesDescription": "FieldMap - AM",
    "ProtocolName": "FieldMap - AM",
    "ScanningSequence": "EP",
    "SequenceVariant": "SK\\SS",
    "ScanOptions": "FS",
    "SequenceName": "epfid2d1_90",
    "ImageType": [
        "ORIGINAL",
        "PRIMARY",
        "M",
        "MB",
        "ND",
        "MOSAIC"
    ],
    "NonlinearGradientCorrection": false,
    "SeriesNumber": 15,
    "AcquisitionTime": "16:45:46.557500",
    "AcquisitionNumber": 1,
    "ImageComments": "Unaliased MB2/PE2/LB",
    "SliceThickness": 2.4,
    "SpacingBetweenSlices": 2.64,
    "SAR": 0.174051,
    "EchoTime": 0.03,
    "RepetitionTime": 2,
    "FlipAngle": 90,
    "PartialFourier": 1,
    "BaseResolution": 90,
    "ShimSetting": [
        3479,
        2599,
        4110,
        584,
        53,
        210,
        44,
        64
    ],
    "TxRefAmp": 207.425,
    "PhaseResolution": 1,
    "ReceiveCoilName": "Head_32",
    "ReceiveCoilActiveElements": "HEA;HEP",
    "PulseSequenceDetails": "%CustomerSeq%\\cmrr_mbep2d_bold",
    "WipMemBlock": "3821fbfc-503b-4d76-b5e6-ac3c8dfbab77||Sequence: R016 ve11c/master r/e634e98; Dec 19 2017 11:00:25 by eja",
    "CoilCombinationMethod": "Sum of Squares",
    "ConsistencyInfo": "N4_VE11C_LATEST_20160120",
    "MatrixCoilMode": "SENSE",
    "MultibandAccelerationFactor": 2,
    "PercentPhaseFOV": 100,
    "PercentSampling": 100,
    "EchoTrainLength": 90,
    "PhaseEncodingSteps": 90,
    "AcquisitionMatrixPE": 90,
    "ReconMatrixPE": 90,
    "BandwidthPerPixelPhaseEncode": 22.676,
    "EffectiveEchoSpacing": 0.000489994,
    "DerivedVendorReportedEchoSpacing": 0.000489994,
    "TotalReadoutTime": 0.0436095,
    "PixelBandwidth": 2525,
    "DwellTime": 2.2e-06,
    "PhaseEncodingDirection": "j",
    "SliceTiming": [
        0,
        1.025,
        0.0675,
        1.0925,
        0.1375,
        1.16,
        0.205,
        1.23,
        0.2725,
        1.2975,
        0.3425,
        1.365,
        0.41,
        1.4325,
        0.4775,
        1.5025,
        0.545,
        1.57,
        0.615,
        1.6375,
        0.6825,
        1.7075,
        0.75,
        1.775,
        0.82,
        1.8425,
        0.8875,
        1.9125,
        0.955,
        0,
        1.025,
        0.0675,
        1.0925,
        0.1375,
        1.16,
        0.205,
        1.23,
        0.2725,
        1.2975,
        0.3425,
        1.365,
        0.41,
        1.4325,
        0.4775,
        1.5025,
        0.545,
        1.57,
        0.615,
        1.6375,
        0.6825,
        1.7075,
        0.75,
        1.775,
        0.82,
        1.8425,
        0.8875,
        1.9125,
        0.955
    ],
    "ImageOrientationPatientDICOM": [
        0.994811,
        0.0872887,
        -0.0522643,
        -0.0849356,
        0.995339,
        0.0456706
    ],
    "ImageOrientationText": "Tra>Sag(-3.2)>Cor(2.3)",
    "InPlanePhaseEncodingDirectionDICOM": "COL",
    "ConversionSoftware": "dcm2niix",
    "ConversionSoftwareVersion": "v1.0.20220720",
    "Dcm2bidsVersion": "2.1.7",
    "IntendedFor": "ses-T1/func/sub-READ4010_ses-T1_task-AM_dir-PA_bold.nii.gz"
}