{
    "Modality": "MR",
    "MagneticFieldStrength": 3,
    "ImagingFrequency": 123.226,
    "Manufacturer": "Siemens",
    "ManufacturersModelName": "Prisma",
    "InstitutionName": "McGovern Institute for Brain Research (3T1)",
    "InstitutionalDepartmentName": "Department",
    "InstitutionAddress": "Vassar Street 43,Cambridge,Middlesex,US,02139",
    "DeviceSerialNumber": "166193",
    "StationName": "AWP166193",
    "BodyPartExamined": "BRAIN",
    "PatientPosition": "HFS",
    "ProcedureStepDescription": "Gabrieli^Rebecca",
    "SoftwareVersions": "syngo MR E11",
    "MRAcquisitionType": "2D",
    "SeriesDescription": "Visual Morphology",
    "ProtocolName": "Visual Morphology",
    "ScanningSequence": "EP",
    "SequenceVariant": "SK\\SS",
    "ScanOptions": "FS",
    "SequenceName": "epfid2d1_90",
    "ImageType": [
        "ORIGINAL",
        "PRIMARY",
        "M",
        "MB",
        "ND",
        "MOSAIC"
    ],
    "NonlinearGradientCorrection": false,
    "SeriesNumber": 28,
    "AcquisitionTime": "11:59:49.570000",
    "AcquisitionNumber": 1,
    "ImageComments": "Unaliased MB2/PE2/LB",
    "SliceThickness": 2.4,
    "SpacingBetweenSlices": 2.64,
    "SAR": 0.193106,
    "EchoTime": 0.03,
    "RepetitionTime": 2,
    "FlipAngle": 90,
    "PartialFourier": 1,
    "BaseResolution": 90,
    "ShimSetting": [
        3535,
        2553,
        4194,
        722,
        33,
        -129,
        198,
        58
    ],
    "TxRefAmp": 207.471,
    "PhaseResolution": 1,
    "ReceiveCoilName": "Head_32",
    "ReceiveCoilActiveElements": "HEA;HEP",
    "PulseSequenceDetails": "%CustomerSeq%\\cmrr_mbep2d_bold",
    "WipMemBlock": "0599f683-fba6-41ee-981d-2e23fc63f909||Sequence: R016 ve11c/master r/e634e98; Dec 19 2017 11:00:25 by eja",
    "CoilCombinationMethod": "Sum of Squares",
    "ConsistencyInfo": "N4_VE11C_LATEST_20160120",
    "MatrixCoilMode": "SENSE",
    "MultibandAccelerationFactor": 2,
    "PercentPhaseFOV": 100,
    "PercentSampling": 100,
    "EchoTrainLength": 90,
    "PhaseEncodingSteps": 90,
    "AcquisitionMatrixPE": 90,
    "ReconMatrixPE": 90,
    "BandwidthPerPixelPhaseEncode": 22.676,
    "EffectiveEchoSpacing": 0.000489994,
    "DerivedVendorReportedEchoSpacing": 0.000489994,
    "TotalReadoutTime": 0.0436095,
    "PixelBandwidth": 2525,
    "DwellTime": 2.2e-06,
    "PhaseEncodingDirection": "j-",
    "SliceTiming": [
        0,
        1.025,
        0.07,
        1.0925,
        0.1375,
        1.1625,
        0.205,
        1.23,
        0.275,
        1.2975,
        0.3425,
        1.3675,
        0.41,
        1.435,
        0.48,
        1.5025,
        0.5475,
        1.57,
        0.615,
        1.64,
        0.6825,
        1.7075,
        0.7525,
        1.775,
        0.82,
        1.845,
        0.8875,
        1.9125,
        0.9575,
        0,
        1.025,
        0.07,
        1.0925,
        0.1375,
        1.1625,
        0.205,
        1.23,
        0.275,
        1.2975,
        0.3425,
        1.3675,
        0.41,
        1.435,
        0.48,
        1.5025,
        0.5475,
        1.57,
        0.615,
        1.64,
        0.6825,
        1.7075,
        0.7525,
        1.775,
        0.82,
        1.845,
        0.8875,
        1.9125,
        0.9575
    ],
    "ImageOrientationPatientDICOM": [
        0.999713,
        0.000344877,
        -0.0239589,
        0.00663043,
        0.956871,
        0.290436
    ],
    "ImageOrientationText": "Tra>Cor(16.9)>Sag(-1.3)",
    "InPlanePhaseEncodingDirectionDICOM": "COL",
    "ConversionSoftware": "dcm2niix",
    "ConversionSoftwareVersion": "v1.0.20220720",
    "Dcm2bidsVersion": "2.1.7",
    "TaskName": "Visual Morphology"
}