{
    "Modality": "MR",
    "MagneticFieldStrength": 3,
    "ImagingFrequency": 123.227,
    "Manufacturer": "Siemens",
    "ManufacturersModelName": "Prisma",
    "InstitutionName": "MIT",
    "InstitutionalDepartmentName": "Department",
    "InstitutionAddress": "Vassar Street 43,Cambridge,Middlesex,US,02139",
    "DeviceSerialNumber": "166193",
    "StationName": "AWP166193",
    "BodyPartExamined": "BRAIN",
    "PatientPosition": "HFS",
    "ProcedureStepDescription": "Gabrieli^Rebecca",
    "SoftwareVersions": "syngo MR E11",
    "MRAcquisitionType": "2D",
    "SeriesDescription": "FieldMap - VM",
    "ProtocolName": "FieldMap - VM",
    "ScanningSequence": "EP",
    "SequenceVariant": "SK\\SS",
    "ScanOptions": "FS",
    "SequenceName": "epfid2d1_90",
    "ImageType": [
        "ORIGINAL",
        "PRIMARY",
        "M",
        "MB",
        "ND",
        "MOSAIC"
    ],
    "NonlinearGradientCorrection": false,
    "SeriesNumber": 12,
    "AcquisitionTime": "17:41:9.520000",
    "AcquisitionNumber": 1,
    "ImageComments": "Unaliased MB2/PE2/LB",
    "SliceThickness": 2.4,
    "SpacingBetweenSlices": 2.64,
    "SAR": 0.152626,
    "EchoTime": 0.03,
    "RepetitionTime": 2,
    "FlipAngle": 90,
    "PartialFourier": 1,
    "BaseResolution": 90,
    "ShimSetting": [
        3611,
        2608,
        4111,
        573,
        72,
        45,
        51,
        20
    ],
    "TxRefAmp": 206.758,
    "PhaseResolution": 1,
    "ReceiveCoilName": "Head_32",
    "ReceiveCoilActiveElements": "HEA;HEP",
    "PulseSequenceDetails": "%CustomerSeq%\\cmrr_mbep2d_bold",
    "WipMemBlock": "ba35d815-99c1-4ed7-8cdd-d46a25edc1d7||Sequence: R016 ve11c/master r/e634e98; Dec 19 2017 11:00:25 by eja",
    "CoilCombinationMethod": "Sum of Squares",
    "ConsistencyInfo": "N4_VE11C_LATEST_20160120",
    "MatrixCoilMode": "SENSE",
    "MultibandAccelerationFactor": 2,
    "PercentPhaseFOV": 100,
    "PercentSampling": 100,
    "EchoTrainLength": 90,
    "PhaseEncodingSteps": 90,
    "AcquisitionMatrixPE": 90,
    "ReconMatrixPE": 90,
    "BandwidthPerPixelPhaseEncode": 22.676,
    "EffectiveEchoSpacing": 0.000489994,
    "DerivedVendorReportedEchoSpacing": 0.000489994,
    "TotalReadoutTime": 0.0436095,
    "PixelBandwidth": 2525,
    "DwellTime": 2.2e-06,
    "PhaseEncodingDirection": "j",
    "SliceTiming": [
        0,
        1.0225,
        0.0675,
        1.0925,
        0.135,
        1.16,
        0.205,
        1.2275,
        0.2725,
        1.295,
        0.34,
        1.365,
        0.4075,
        1.4325,
        0.4775,
        1.5,
        0.545,
        1.57,
        0.6125,
        1.6375,
        0.6825,
        1.705,
        0.75,
        1.775,
        0.8175,
        1.8425,
        0.8875,
        1.91,
        0.955,
        0,
        1.0225,
        0.0675,
        1.0925,
        0.135,
        1.16,
        0.205,
        1.2275,
        0.2725,
        1.295,
        0.34,
        1.365,
        0.4075,
        1.4325,
        0.4775,
        1.5,
        0.545,
        1.57,
        0.6125,
        1.6375,
        0.6825,
        1.705,
        0.75,
        1.775,
        0.8175,
        1.8425,
        0.8875,
        1.91,
        0.955
    ],
    "ImageOrientationPatientDICOM": [
        0.945907,
        -0.18848,
        0.264073,
        0.190557,
        0.981512,
        0.0179755
    ],
    "ImageOrientationText": "Tra>Sag(15.2)>Cor(-1.9)",
    "InPlanePhaseEncodingDirectionDICOM": "COL",
    "ConversionSoftware": "dcm2niix",
    "ConversionSoftwareVersion": "v1.0.20220720",
    "Dcm2bidsVersion": "2.1.7",
    "IntendedFor": [
        "ses-T1/func/sub-READ1023_ses-T1_task-VM_dir-PA_bold.nii.gz"
    ]
}