{
    "Modality": "MR",
    "MagneticFieldStrength": 3,
    "ImagingFrequency": 123.226,
    "Manufacturer": "Siemens",
    "ManufacturersModelName": "Prisma",
    "InstitutionName": "MIT",
    "InstitutionalDepartmentName": "Department",
    "InstitutionAddress": "Vassar Street 43,Cambridge,Middlesex,US,02139",
    "DeviceSerialNumber": "166193",
    "StationName": "AWP166193",
    "BodyPartExamined": "BRAIN",
    "PatientPosition": "HFS",
    "ProcedureStepDescription": "Gabrieli^Rebecca",
    "SoftwareVersions": "syngo MR E11",
    "MRAcquisitionType": "2D",
    "SeriesDescription": "Auditory Morphology",
    "ProtocolName": "Auditory Morphology",
    "ScanningSequence": "EP",
    "SequenceVariant": "SK\\SS",
    "ScanOptions": "FS",
    "SequenceName": "epfid2d1_90",
    "ImageType": [
        "ORIGINAL",
        "PRIMARY",
        "M",
        "MB",
        "ND",
        "MOSAIC"
    ],
    "NonlinearGradientCorrection": false,
    "SeriesNumber": 16,
    "AcquisitionTime": "11:31:1.557500",
    "AcquisitionNumber": 1,
    "ImageComments": "Unaliased MB2/PE2/LB",
    "SliceThickness": 2.4,
    "SpacingBetweenSlices": 2.64,
    "SAR": 0.16617,
    "EchoTime": 0.03,
    "RepetitionTime": 2,
    "FlipAngle": 90,
    "PartialFourier": 1,
    "BaseResolution": 90,
    "ShimSetting": [
        3507,
        2583,
        4165,
        529,
        -15,
        -91,
        245,
        88
    ],
    "TxRefAmp": 209.353,
    "PhaseResolution": 1,
    "ReceiveCoilName": "Head_32",
    "ReceiveCoilActiveElements": "HEA;HEP",
    "PulseSequenceDetails": "%CustomerSeq%\\cmrr_mbep2d_bold",
    "WipMemBlock": "ec58459d-5201-4ea6-b4d7-3bf269f7d2a1||Sequence: R016 ve11c/master r/e634e98; Dec 19 2017 11:00:25 by eja",
    "CoilCombinationMethod": "Sum of Squares",
    "ConsistencyInfo": "N4_VE11C_LATEST_20160120",
    "MatrixCoilMode": "SENSE",
    "MultibandAccelerationFactor": 2,
    "PercentPhaseFOV": 100,
    "PercentSampling": 100,
    "EchoTrainLength": 90,
    "PhaseEncodingSteps": 90,
    "AcquisitionMatrixPE": 90,
    "ReconMatrixPE": 90,
    "BandwidthPerPixelPhaseEncode": 22.676,
    "EffectiveEchoSpacing": 0.000489994,
    "DerivedVendorReportedEchoSpacing": 0.000489994,
    "TotalReadoutTime": 0.0436095,
    "PixelBandwidth": 2525,
    "DwellTime": 2.2e-06,
    "PhaseEncodingDirection": "j-",
    "SliceTiming": [
        0,
        1.0225,
        0.0675,
        1.0925,
        0.135,
        1.16,
        0.205,
        1.2275,
        0.2725,
        1.295,
        0.34,
        1.365,
        0.4075,
        1.4325,
        0.4775,
        1.5,
        0.545,
        1.57,
        0.6125,
        1.6375,
        0.6825,
        1.705,
        0.75,
        1.775,
        0.8175,
        1.8425,
        0.8875,
        1.91,
        0.955,
        0,
        1.0225,
        0.0675,
        1.0925,
        0.135,
        1.16,
        0.205,
        1.2275,
        0.2725,
        1.295,
        0.34,
        1.365,
        0.4075,
        1.4325,
        0.4775,
        1.5,
        0.545,
        1.57,
        0.6125,
        1.6375,
        0.6825,
        1.705,
        0.75,
        1.775,
        0.8175,
        1.8425,
        0.8875,
        1.91,
        0.955
    ],
    "ImageOrientationPatientDICOM": [
        0.992575,
        0.121198,
        -0.0103189,
        -0.11625,
        0.970166,
        0.212753
    ],
    "ImageOrientationText": "Tra>Cor(12.1)>Sag(-2.1)",
    "InPlanePhaseEncodingDirectionDICOM": "COL",
    "ConversionSoftware": "dcm2niix",
    "ConversionSoftwareVersion": "v1.0.20220720",
    "Dcm2bidsVersion": "2.1.7",
    "TaskName": "Auditory Morphology"
}