{
    "Modality": "MR",
    "MagneticFieldStrength": 3,
    "ImagingFrequency": 123.226,
    "Manufacturer": "Siemens",
    "ManufacturersModelName": "Prisma",
    "InstitutionName": "MIT",
    "InstitutionalDepartmentName": "Department",
    "InstitutionAddress": "Vassar Street 43,Cambridge,Middlesex,US,02139",
    "DeviceSerialNumber": "166193",
    "StationName": "AWP166193",
    "BodyPartExamined": "BRAIN",
    "PatientPosition": "HFS",
    "ProcedureStepDescription": "Gabrieli^Rebecca",
    "SoftwareVersions": "syngo MR E11",
    "MRAcquisitionType": "2D",
    "SeriesDescription": "FieldMap - VM",
    "ProtocolName": "FieldMap - VM",
    "ScanningSequence": "EP",
    "SequenceVariant": "SK\\SS",
    "ScanOptions": "FS",
    "SequenceName": "epfid2d1_90",
    "ImageType": [
        "ORIGINAL",
        "PRIMARY",
        "M",
        "MB",
        "ND",
        "MOSAIC"
    ],
    "NonlinearGradientCorrection": false,
    "SeriesNumber": 12,
    "AcquisitionTime": "15:03:3.565000",
    "AcquisitionNumber": 1,
    "ImageComments": "Unaliased MB2/PE2/LB",
    "SliceThickness": 2.4,
    "SpacingBetweenSlices": 2.64,
    "SAR": 0.143193,
    "EchoTime": 0.03,
    "RepetitionTime": 2,
    "FlipAngle": 90,
    "PartialFourier": 1,
    "BaseResolution": 90,
    "ShimSetting": [
        3560,
        2575,
        4115,
        457,
        86,
        0,
        67,
        57
    ],
    "TxRefAmp": 205.32,
    "PhaseResolution": 1,
    "ReceiveCoilName": "Head_32",
    "ReceiveCoilActiveElements": "HEA;HEP",
    "PulseSequenceDetails": "%CustomerSeq%\\cmrr_mbep2d_bold",
    "WipMemBlock": "87810e0c-663c-4066-8bd3-78a71a961cdc||Sequence: R016 ve11c/master r/e634e98; Dec 19 2017 11:00:25 by eja",
    "CoilCombinationMethod": "Sum of Squares",
    "ConsistencyInfo": "N4_VE11C_LATEST_20160120",
    "MatrixCoilMode": "SENSE",
    "MultibandAccelerationFactor": 2,
    "PercentPhaseFOV": 100,
    "PercentSampling": 100,
    "EchoTrainLength": 90,
    "PhaseEncodingSteps": 90,
    "AcquisitionMatrixPE": 90,
    "ReconMatrixPE": 90,
    "BandwidthPerPixelPhaseEncode": 22.676,
    "EffectiveEchoSpacing": 0.000489994,
    "DerivedVendorReportedEchoSpacing": 0.000489994,
    "TotalReadoutTime": 0.0436095,
    "PixelBandwidth": 2525,
    "DwellTime": 2.2e-06,
    "PhaseEncodingDirection": "j",
    "SliceTiming": [
        0,
        1.025,
        0.07,
        1.0925,
        0.1375,
        1.1625,
        0.205,
        1.23,
        0.275,
        1.2975,
        0.3425,
        1.3675,
        0.41,
        1.435,
        0.48,
        1.5025,
        0.5475,
        1.5725,
        0.615,
        1.64,
        0.685,
        1.7075,
        0.7525,
        1.7775,
        0.82,
        1.845,
        0.8875,
        1.9125,
        0.9575,
        0,
        1.025,
        0.07,
        1.0925,
        0.1375,
        1.1625,
        0.205,
        1.23,
        0.275,
        1.2975,
        0.3425,
        1.3675,
        0.41,
        1.435,
        0.48,
        1.5025,
        0.5475,
        1.5725,
        0.615,
        1.64,
        0.685,
        1.7075,
        0.7525,
        1.7775,
        0.82,
        1.845,
        0.8875,
        1.9125,
        0.9575
    ],
    "ImageOrientationPatientDICOM": [
        0.999507,
        -0.031066,
        0.00455189,
        0.0305377,
        0.995558,
        0.0890596
    ],
    "ImageOrientationText": "Tra>Cor(5.1)>Sag(0.4)",
    "InPlanePhaseEncodingDirectionDICOM": "COL",
    "ConversionSoftware": "dcm2niix",
    "ConversionSoftwareVersion": "v1.0.20220720",
    "Dcm2bidsVersion": "2.1.7",
    "IntendedFor": [
        "ses-T1/func/sub-READ1020_ses-T1_task-VM_dir-PA_bold.nii.gz"
    ]
}