{
    "Modality": "MR",
    "MagneticFieldStrength": 3,
    "ImagingFrequency": 123.226,
    "Manufacturer": "Siemens",
    "ManufacturersModelName": "Prisma",
    "InstitutionName": "MIT",
    "InstitutionalDepartmentName": "Department",
    "InstitutionAddress": "Vassar Street 43,Cambridge,Middlesex,US,02139",
    "DeviceSerialNumber": "166193",
    "StationName": "AWP166193",
    "BodyPartExamined": "BRAIN",
    "PatientPosition": "HFS",
    "ProcedureStepDescription": "Gabrieli^Rebecca",
    "SoftwareVersions": "syngo MR E11",
    "MRAcquisitionType": "3D",
    "SeriesDescription": "T1w_MPRAGE_FourEcho_vNav RMS",
    "ProtocolName": "T1w_MPRAGE_FourEcho_vNav",
    "ScanningSequence": "GR\\IR",
    "SequenceVariant": "SK\\SP\\MP",
    "ScanOptions": "IR\\WE",
    "SequenceName": "tfl3d4_16ns",
    "ImageType": [
        "ORIGINAL",
        "PRIMARY",
        "OTHER",
        "ND",
        "NORM",
        "MEAN"
    ],
    "NonlinearGradientCorrection": false,
    "SeriesNumber": 10,
    "AcquisitionTime": "10:49:51.720000",
    "AcquisitionNumber": 1,
    "SliceThickness": 1,
    "SAR": 0.0503741,
    "NumberOfAverages": 4,
    "EchoTime": 0.00169,
    "RepetitionTime": 2.53,
    "SpoilingState": true,
    "InversionTime": 1.4,
    "FlipAngle": 7,
    "PartialFourier": 1,
    "BaseResolution": 256,
    "ShimSetting": [
        3542,
        2548,
        4133,
        477,
        81,
        -124,
        216,
        117
    ],
    "TxRefAmp": 203.119,
    "PhaseResolution": 1,
    "ReceiveCoilName": "Head_32",
    "ReceiveCoilActiveElements": "HEA;HEP",
    "PulseSequenceDetails": "%CustomerSeq%\\tfl_mgh_epinav_ABCD",
    "WipMemBlock": "Prisma_epi_moco_navigator_ABCD_tfl.prot",
    "RefLinesPE": 32,
    "CoilCombinationMethod": "Adaptive Combine",
    "ConsistencyInfo": "N4_VE11C_LATEST_20160120",
    "MatrixCoilMode": "GRAPPA",
    "PercentPhaseFOV": 100,
    "PercentSampling": 100,
    "PhaseEncodingSteps": 255,
    "AcquisitionMatrixPE": 256,
    "ReconMatrixPE": 256,
    "ParallelReductionFactorInPlane": 3,
    "PixelBandwidth": 650,
    "DwellTime": 3e-06,
    "ImageOrientationPatientDICOM": [
        0.0930754,
        0.979018,
        0.181275,
        -0.016923,
        0.183594,
        -0.982856
    ],
    "ImageOrientationText": "Sag>Cor(5.1)>Tra(1.9)",
    "InPlanePhaseEncodingDirectionDICOM": "ROW",
    "ConversionSoftware": "dcm2niix",
    "ConversionSoftwareVersion": "v1.0.20220720",
    "Dcm2bidsVersion": "2.1.7"
}